GEM
  remote: http://rubygems.org/
  specs:
    airbrussh (1.3.0)
      sshkit (>= 1.6.1, != 1.7.0)
    capistrano (3.10.2)
      airbrussh (>= 1.0.0)
      i18n
      rake (>= 10.0.0)
      sshkit (>= 1.9.0)
    concurrent-ruby (1.0.5)
    daemons (1.2.6)
    eventmachine (1.2.7)
    i18n (1.0.1)
      concurrent-ruby (~> 1.0)
    minitest (5.11.3)
    mixlib-shellout (2.3.2)
    net-scp (1.2.1)
      net-ssh (>= 2.6.5)
    net-ssh (4.2.0)
    rack (1.6.10)
    rack-protection (1.5.5)
      rack
    rake (12.3.1)
    sinatra (1.4.8)
      rack (~> 1.5)
      rack-protection (~> 1.4)
      tilt (>= 1.3, < 3)
    sshkit (1.16.1)
      net-scp (>= 1.1.2)
      net-ssh (>= 2.8.0)
    thin (1.7.2)
      daemons (~> 1.0, >= 1.0.9)
      eventmachine (~> 1.0, >= 1.0.4)
      rack (>= 1, < 3)
    tilt (2.0.8)
    yajl-ruby (1.4.2)

PLATFORMS
  ruby

DEPENDENCIES
  capistrano
  minitest
  mixlib-shellout
  rack-protection (~> 1.5.5)
  sinatra
  thin
  yajl-ruby

BUNDLED WITH
   1.14.6
